GEM
  remote: https://rubygems.org/
  specs:
    addressable (2.4.0)
    cookiejar (0.3.0)
    em-http-request (1.1.3)
      addressable (>= 2.3.4)
      cookiejar (<= 0.3.0)
      em-socksify (>= 0.3)
      eventmachine (>= 1.0.3)
      http_parser.rb (>= 0.6.0)
    em-socksify (0.3.1)
      eventmachine (>= 1.0.0.beta.4)
    eventmachine (1.2.0.1)
    eventmachine_httpserver (0.2.1)
    http_parser.rb (0.6.0)
    msgpack (1.0.0)
    oj (2.17.4)

PLATFORMS
  ruby

DEPENDENCIES
  em-http-request
  eventmachine
  eventmachine_httpserver
  msgpack
  oj

BUNDLED WITH
   1.12.5
