GEM
  remote: https://rubygems.org/
  specs:
    addressable (2.4.0)
    c_geohash (1.1.2)
    cookiejar (0.3.0)
    diff-lcs (1.2.5)
    em-hiredis (0.3.1)
      eventmachine (~> 1.0)
      hiredis (~> 0.6.0)
    em-http-request (1.1.3)
      addressable (>= 2.3.4)
      cookiejar (<= 0.3.0)
      em-socksify (>= 0.3)
      eventmachine (>= 1.0.3)
      http_parser.rb (>= 0.6.0)
    em-socksify (0.3.1)
      eventmachine (>= 1.0.0.beta.4)
    eventmachine (1.2.0.1)
    eventmachine_httpserver (0.2.1)
    hiredis (0.6.1)
    http_parser.rb (0.6.0)
    msgpack (1.0.0)
    oj (2.17.4)
    redis (3.3.1)
    rspec (3.5.0)
      rspec-core (~> 3.5.0)
      rspec-expectations (~> 3.5.0)
      rspec-mocks (~> 3.5.0)
    rspec-core (3.5.4)
      rspec-support (~> 3.5.0)
    rspec-expectations (3.5.0)
      diff-lcs (>= 1.2.0, < 2.0)
      rspec-support (~> 3.5.0)
    rspec-mocks (3.5.0)
      diff-lcs (>= 1.2.0, < 2.0)
      rspec-support (~> 3.5.0)
    rspec-support (3.5.0)
    sequel (4.39.0)

PLATFORMS
  ruby

DEPENDENCIES
  c_geohash
  em-hiredis
  em-http-request
  eventmachine
  eventmachine_httpserver
  msgpack
  oj
  redis
  rspec
  sequel

BUNDLED WITH
   1.12.5
